GIT
  remote: git://github.com/airbrake/airbrake.git
  revision: aebc0dff55611f9f9d05f016696ee1cdeff379ae
  specs:
    airbrake (3.0.9)
      activesupport
      builder

GIT
  remote: git://github.com/freelancing-god/thinking-sphinx.git
  revision: 58932dbe360653b8f6a8da955f2053b9f49d32fb
  branch: rails3
  specs:
    thinking-sphinx (2.0.10)
      activerecord (>= 3.0.3)
      builder (>= 2.1.2)
      riddle (>= 1.5.0)

GIT
  remote: git://github.com/jaikoo/twitter-auth.git
  revision: 1b3f4e753cb7c694f2042f4b2f6547d66fe460c9
  branch: rails_3
  specs:
    twitter-auth (0.1.22)
      ezcrypto (>= 0.7.2)
      oauth (>= 0.3.1)

GIT
  remote: git://github.com/rbjarnason/rails-dev-boost.git
  revision: 4f7ad03b30a3bc93c1a63c4ac1e98e4427447435
  specs:
    rails-dev-boost (0.1.1)

GEM
  remote: http://rubygems.org/
  specs:
    abstract (1.0.0)
    actionmailer (3.0.11)
      actionpack (= 3.0.11)
      mail (~> 2.2.19)
    actionpack (3.0.11)
      activemodel (= 3.0.11)
      activesupport (= 3.0.11)
      builder (~> 2.1.2)
      erubis (~> 2.6.6)
      i18n (~> 0.5.0)
      rack (~> 1.2.1)
      rack-mount (~> 0.6.14)
      rack-test (~> 0.5.7)
      tzinfo (~> 0.3.23)
    activemodel (3.0.11)
      activesupport (= 3.0.11)
      builder (~> 2.1.2)
      i18n (~> 0.5.0)
    activerecord (3.0.11)
      activemodel (= 3.0.11)
      activesupport (= 3.0.11)
      arel (~> 2.0.10)
      tzinfo (~> 0.3.23)
    activeresource (3.0.11)
      activemodel (= 3.0.11)
      activesupport (= 3.0.11)
    activesupport (3.0.11)
    arel (2.0.10)
    auto_html (1.5.0)
      redcarpet (~> 2.0.0)
      rinku (~> 1.5.0)
    builder (2.1.2)
    capistrano (2.9.0)
      highline
      net-scp (>= 1.0.0)
      net-sftp (>= 2.0.0)
      net-ssh (>= 2.0.14)
      net-ssh-gateway (>= 1.1.0)
    chronic (0.6.7)
    ckeditor (3.6.3)
      mime-types (~> 1.16)
      orm_adapter (~> 0.0.5)
    cocaine (0.2.1)
    daemons (1.0.10)
    dalli (1.1.4)
    delayed_job (2.1.4)
      activesupport (~> 3.0)
      daemons
    erubis (2.6.6)
      abstract (>= 1.0.0)
    ezcrypto (0.7.2)
    facebooker2 (0.0.16)
      mogli (>= 0.0.33)
      ruby-hmac
    ffi (1.0.11)
    gem_plugin (0.2.3)
    geoip (1.1.2)
    googlecharts (1.6.8)
    hashie (1.1.0)
    highline (1.6.11)
    hpricot (0.8.6)
    htmlentities (4.3.1)
    httmultiparty (0.3.6)
      httparty (>= 0.7.3)
      multipart-post
    httparty (0.8.1)
      multi_json
      multi_xml
    i18n (0.5.0)
    jquery-rails (1.0.19)
      railties (~> 3.0)
      thor (~> 0.14)
    json (1.6.5)
    kgio (2.7.2)
    mail (2.2.19)
      activesupport (>= 2.3.6)
      i18n (>= 0.4.0)
      mime-types (~> 1.16)
      treetop (~> 1.4.8)
    mime-types (1.17.2)
    mogli (0.0.37)
      hashie (~> 1.1.0)
      httmultiparty (>= 0.3.6)
      httparty (>= 0.4.3)
      multi_json (~> 1.0.3)
    mongrel (1.2.0.pre2)
      daemons (~> 1.0.10)
      gem_plugin (~> 0.2.3)
    multi_json (1.0.4)
    multi_xml (0.4.1)
    multipart-post (1.1.4)
    mysql2 (0.2.7)
    net-scp (1.0.4)
      net-ssh (>= 1.99.1)
    net-sftp (2.0.5)
      net-ssh (>= 2.0.9)
    net-ssh (2.3.0)
    net-ssh-gateway (1.1.0)
      net-ssh (>= 1.99.1)
    newrelic_rpm (3.3.1)
    nokogiri (1.5.0)
    oauth (0.4.5)
    orm_adapter (0.0.6)
    paperclip (2.5.2)
      activerecord (>= 2.3.0)
      activesupport (>= 2.3.2)
      cocaine (>= 0.0.2)
      mime-types
    polyglot (0.3.3)
    rack (1.2.5)
    rack-mount (0.6.14)
      rack (>= 1.0.0)
    rack-openid (1.3.1)
      rack (>= 1.1.0)
      ruby-openid (>= 2.1.8)
    rack-test (0.5.7)
      rack (>= 1.0)
    rails (3.0.11)
      actionmailer (= 3.0.11)
      actionpack (= 3.0.11)
      activerecord (= 3.0.11)
      activeresource (= 3.0.11)
      activesupport (= 3.0.11)
      bundler (~> 1.0)
      railties (= 3.0.11)
    railties (3.0.11)
      actionpack (= 3.0.11)
      activesupport (= 3.0.11)
      rake (>= 0.8.7)
      rdoc (~> 3.4)
      thor (~> 0.14.4)
    rake (0.9.2.2)
    rdoc (3.12)
      json (~> 1.4)
    recaptcha (0.3.4)
    redcarpet (2.0.1)
    riddle (1.5.1)
    rinku (1.5.0)
    rmagick (2.12.2)
    ruby-hmac (0.4.0)
    ruby-openid (2.1.8)
    sunlight (1.1.0)
      json (>= 1.1.3)
      ym4r (>= 0.6.1)
    sys-filesystem (1.0.0)
      ffi (>= 1.0.0)
    thor (0.14.6)
    tidy-ext (0.1.11)
    treetop (1.4.10)
      polyglot
      polyglot (>= 0.3.1)
    tzinfo (0.3.31)
    whenever (0.7.2)
      activesupport (>= 2.3.4)
      chronic (~> 0.6.3)
    will_paginate (3.0.3)
    ym4r (0.6.1)

PLATFORMS
  ruby

DEPENDENCIES
  airbrake!
  auto_html
  capistrano
  ckeditor
  daemons
  dalli
  delayed_job (= 2.1.4)
  facebooker2
  geoip
  googlecharts
  hpricot (>= 0.6)
  htmlentities
  jquery-rails (>= 0.2.6)
  kgio
  mogli
  mongrel (>= 1.2.0.pre2)
  mysql2 (= 0.2.7)
  newrelic_rpm
  nokogiri
  oauth (>= 0.3.1)
  paperclip
  rack-openid
  rails (= 3.0.11)
  rails-dev-boost!
  rake (= 0.9.2.2)
  recaptcha
  rmagick (= 2.12.2)
  ruby-openid
  sunlight (>= 0.9)
  sys-filesystem
  thinking-sphinx!
  tidy-ext
  twitter-auth!
  whenever
  will_paginate (~> 3.0)
